GIT
  remote: git://github.com/justinko/sunspot-rails-tester.git
  revision: 5daf0a01335f7d9f1eca76d7c89eec8aac7acfab
  specs:
    sunspot-rails-tester (0.0.4)
      sunspot_rails (>= 1.2)
      sunspot_solr (>= 1.2)

GIT
  remote: git://github.com/next-l/enju_core.git
  revision: e4a0b451b9932fd3dbb50813ad29190f69c2ab89
  specs:
    enju_core (0.1.1.pre4)
      acts_as_list
      addressable
      attribute_normalizer (~> 1.1)
      cancan
      dalli
      devise
      friendly_id (~> 4.0)
      kaminari
      nested_form
      rails (~> 3.2.13)
      resque
      settingslogic
      sunspot_rails (~> 2.0.0)

GIT
  remote: git://github.com/next-l/enju_event.git
  revision: ec90a64ad89bb02c89d0121381a8b7b467abd24e
  specs:
    enju_event (0.1.17.pre12)
      enju_core (~> 0.1.1.pre4)
      enju_message (~> 0.1.14.pre7)
      event-calendar (~> 2.3.3)
      inherited_resources
      paperclip
      rails (~> 3.2)
      rails_autolink
      ri_cal
      simple_form
      state_machine

GIT
  remote: git://github.com/next-l/enju_manifestation_viewer.git
  revision: 24e687ab27906ae66e7f44b43e7d6b0ee29a19e2
  specs:
    enju_manifestation_viewer (0.1.0.pre6)
      rails (~> 3.2)

GIT
  remote: git://github.com/next-l/enju_message.git
  revision: b323a5996e6329f8559f24b993d0df13dadb0f04
  specs:
    enju_message (0.1.14.pre8)
      awesome_nested_set (~> 2.1)
      enju_core (~> 0.1.1.pre4)
      inherited_resources
      rails_autolink
      resque_mailer
      simple_form
      state_machine

GIT
  remote: git://github.com/next-l/enju_news.git
  revision: 4a2b74cd76e58f2a78c8ee65b8eea53dcc73f087
  specs:
    enju_news (0.1.0.pre3)
      enju_core (~> 0.1.1.pre4)

GIT
  remote: git://github.com/next-l/enju_nii.git
  revision: 341d82a0b5d2c30b758b2c070f419367eff86766
  specs:
    enju_nii (0.1.0.pre7)
      enju_biblio (~> 0.1.0.pre30)

GIT
  remote: git://github.com/next-l/enju_oai.git
  revision: 94d852f18320ecd00aed35ac3b294e8a71f95ced
  specs:
    enju_oai (0.1.0.pre9)
      rails (~> 3.2)

GIT
  remote: git://github.com/next-l/enju_subject.git
  revision: e58e4f0658e3988bdf9b14473aeb80c21322777b
  specs:
    enju_subject (0.1.0.pre11)
      dynamic_form
      enju_core (~> 0.1.1.pre4)
      inherited_resources

GEM
  remote: https://rubygems.org/
  specs:
    RedCloth (4.2.9)
    actionmailer (3.2.13)
      actionpack (= 3.2.13)
      mail (~> 2.5.3)
    actionpack (3.2.13)
      activemodel (= 3.2.13)
      activesupport (= 3.2.13)
      builder (~> 3.0.0)
      erubis (~> 2.7.0)
      journey (~> 1.0.4)
      rack (~> 1.4.5)
      rack-cache (~> 1.2)
      rack-test (~> 0.6.1)
      sprockets (~> 2.2.1)
    activemodel (3.2.13)
      activesupport (= 3.2.13)
      builder (~> 3.0.0)
    activerecord (3.2.13)
      activemodel (= 3.2.13)
      activesupport (= 3.2.13)
      arel (~> 3.0.2)
      tzinfo (~> 0.3.29)
    activeresource (3.2.13)
      activemodel (= 3.2.13)
      activesupport (= 3.2.13)
    activesupport (3.2.13)
      i18n (= 0.6.1)
      multi_json (~> 1.0)
    acts_as_list (0.2.0)
      activerecord (>= 3.0)
    addressable (2.3.4)
    annotate (2.5.0)
      rake
    arel (3.0.2)
    astrails-safe (0.2.7)
      aws-s3
      cloudfiles
      net-sftp
    attribute_normalizer (1.1.0)
    awesome_nested_set (2.1.6)
      activerecord (>= 3.0.0)
    aws-s3 (0.6.3)
      builder
      mime-types
      xml-simple
    aws-sdk (1.8.5)
      json (~> 1.4)
      nokogiri (>= 1.4.4)
      uuidtools (~> 2.1)
    backports (3.3.0)
    bcrypt-ruby (3.0.1)
    builder (3.0.4)
    cancan (1.6.9)
    chronic (0.9.1)
    client_side_validations (3.2.5)
    climate_control (0.0.3)
      activesupport (>= 3.0)
    cloudfiles (1.5.0.1)
      json
    cocaine (0.5.1)
      climate_control (>= 0.0.3, < 1.0)
    coderay (1.0.9)
    coffee-rails (3.2.2)
      coffee-script (>= 2.2.0)
      railties (~> 3.2.0)
    coffee-script (2.2.0)
      coffee-script-source
      execjs
    coffee-script-source (1.6.2)
    dalli (2.6.2)
    devise (2.2.3)
      bcrypt-ruby (~> 3.0)
      orm_adapter (~> 0.1)
      railties (~> 3.1)
      warden (~> 1.2.1)
    devise-encryptable (0.1.1)
      devise (>= 2.1.0.rc)
    diff-lcs (1.2.3)
    dynamic_form (1.1.4)
    ebnf (0.3.0)
      rdf
      sxp
    enju_biblio (0.1.0.pre30)
      aws-sdk
      dynamic_form
      enju_core (~> 0.1.1.pre4)
      inherited_resources
      library_stdnums
      lisbn
      marc
      paper_trail
      paperclip (~> 3.4)
      paperclip-meta
      resque_mailer
      simple_form
      state_machine
      validates_timeliness
    erubis (2.7.0)
    event-calendar (2.3.3)
    exception_notification (3.0.1)
      actionmailer (>= 3.0.4)
    execjs (1.4.0)
      multi_json (~> 1.0)
    factory_girl (4.2.0)
      activesupport (>= 3.0.0)
    factory_girl_rails (4.2.1)
      factory_girl (~> 4.2.0)
      railties (>= 3.0.0)
    fakeweb (1.3.0)
    fattr (2.2.1)
    formatador (0.2.4)
    friendly_id (4.0.9)
    geocoder (1.1.6)
    guard (1.7.0)
      formatador (>= 0.2.4)
      listen (>= 0.6.0)
      lumberjack (>= 1.0.2)
      pry (>= 0.9.10)
      thor (>= 0.14.6)
    guard-rspec (2.5.3)
      guard (>= 1.1)
      rspec (~> 2.11)
    haml (4.0.2)
      tilt
    has_scope (0.5.1)
    highline (1.6.18)
    hike (1.2.2)
    hodel_3000_compliant_logger (0.1.1)
    htmlentities (4.3.1)
    i18n (0.6.1)
    inherited_resources (1.4.0)
      has_scope (~> 0.5.0)
      responders (~> 0.9)
    journey (1.0.4)
    jquery-rails (2.2.1)
      railties (>= 3.0, < 5.0)
      thor (>= 0.14, < 2.0)
    json (1.7.7)
    json-ld (0.9.1)
      backports
      json (>= 1.7.5)
      rdf (>= 1.0)
    json_pure (1.7.7)
    kaminari (0.14.1)
      actionpack (>= 3.0.0)
      activesupport (>= 3.0.0)
    kgio (2.8.0)
    levenshtein19 (0.2.0)
    library_stdnums (1.2.0)
    linkeddata (1.0.0)
      json-ld (>= 0.9.0)
      rdf (>= 1.0)
      rdf-isomorphic (>= 1.0)
      rdf-json (>= 1.0)
      rdf-microdata (>= 1.0)
      rdf-n3 (>= 1.0)
      rdf-rdfa (>= 1.0)
      rdf-rdfxml (>= 1.0)
      rdf-trig (>= 1.0.0.beta1)
      rdf-trix (>= 1.0)
      rdf-turtle (>= 1.0)
    lisbn (0.1.3)
      nokogiri
      nori (~> 2.0)
    listen (0.7.3)
    lumberjack (1.0.3)
    mail (2.5.3)
      i18n (>= 0.4.0)
      mime-types (~> 1.16)
      treetop (~> 1.4.8)
    marc (0.5.0)
    method_source (0.8.1)
    mime-types (1.22)
    mono_logger (1.0.1)
    multi_json (1.7.2)
    nested_form (0.3.2)
    net-sftp (2.1.1)
      net-ssh (>= 2.6.5)
    net-ssh (2.6.7)
    nokogiri (1.5.9)
    nori (2.0.4)
    oink (0.10.1)
      activerecord
      hodel_3000_compliant_logger
    options (2.3.0)
      fattr
    orm_adapter (0.4.0)
    paper_trail (2.7.1)
      activerecord (~> 3.0)
      railties (~> 3.0)
    paperclip (3.4.1)
      activemodel (>= 3.0.0)
      activerecord (>= 3.0.0)
      activesupport (>= 3.0.0)
      cocaine (~> 0.5.0)
      mime-types
    paperclip-meta (0.4.3)
      paperclip
    parallel (0.6.4)
    parallel_tests (0.11.0)
      parallel
    pg (0.15.1)
    polyglot (0.3.3)
    pr_geohash (1.0.0)
    progress_bar (1.0.0)
      highline (~> 1.6.1)
      options (~> 2.3.0)
    pry (0.9.12)
      coderay (~> 1.0.5)
      method_source (~> 0.8)
      slop (~> 3.4)
    rack (1.4.5)
    rack-cache (1.2)
      rack (>= 0.4)
    rack-protection (1.5.0)
      rack
    rack-ssl (1.3.3)
      rack
    rack-test (0.6.2)
      rack (>= 1.0)
    rails (3.2.13)
      actionmailer (= 3.2.13)
      actionpack (= 3.2.13)
      activerecord (= 3.2.13)
      activeresource (= 3.2.13)
      activesupport (= 3.2.13)
      bundler (~> 1.0)
      railties (= 3.2.13)
    rails_autolink (1.0.9)
      rails (~> 3.1)
    railties (3.2.13)
      actionpack (= 3.2.13)
      activesupport (= 3.2.13)
      rack-ssl (~> 1.3.2)
      rake (>= 0.8.7)
      rdoc (~> 3.4)
      thor (>= 0.14.6, < 2.0)
    rake (10.0.4)
    rdf (1.0.5)
      addressable (>= 2.2)
    rdf-isomorphic (1.0.1)
      rdf (>= 1.0)
    rdf-json (1.0.0)
      json_pure (>= 1.4)
      rdf (>= 1.0)
    rdf-microdata (1.0.0)
      htmlentities (>= 4.3.0)
      json (>= 1.7.6)
      rdf (>= 1.0)
      rdf-xsd (>= 1.0)
    rdf-n3 (1.0.0)
      rdf (>= 1.0)
    rdf-rdfa (1.0.0)
      backports
      haml (>= 3.1.7)
      htmlentities (>= 4.3.1)
      rdf (>= 1.0)
      rdf-xsd (>= 1.0)
    rdf-rdfxml (1.0.1)
      rdf (>= 1.0)
      rdf-xsd (>= 1.0)
    rdf-trig (1.0.0.beta3)
      ebnf (>= 0.2.0)
      rdf (>= 1.0)
      rdf-turtle (>= 1.0)
    rdf-trix (1.0.0)
      rdf (>= 1.0)
    rdf-turtle (1.0.4)
      ebnf (>= 0.3.0)
      rdf (>= 1.0)
    rdf-xsd (1.0.0)
      backports
      nokogiri (>= 1.5.0)
      rdf (>= 0.3.4)
    rdoc (3.12.2)
      json (~> 1.4)
    redis (3.0.3)
    redis-namespace (1.2.1)
      redis (~> 3.0.0)
    responders (0.9.3)
      railties (~> 3.1)
    resque (1.24.1)
      mono_logger (~> 1.0)
      multi_json (~> 1.0)
      redis-namespace (~> 1.2)
      sinatra (>= 0.9.2)
      vegas (~> 0.1.2)
    resque-scheduler (2.0.1)
      redis (>= 2.0.1)
      resque (>= 1.20.0)
      rufus-scheduler
    resque_mailer (2.2.3)
      actionmailer (~> 3.0)
    ri_cal (0.8.8)
    rsolr (1.0.9)
      builder (>= 2.1.2)
    rspec (2.13.0)
      rspec-core (~> 2.13.0)
      rspec-expectations (~> 2.13.0)
      rspec-mocks (~> 2.13.0)
    rspec-core (2.13.1)
    rspec-expectations (2.13.0)
      diff-lcs (>= 1.1.3, < 2.0)
    rspec-mocks (2.13.1)
    rspec-rails (2.13.0)
      actionpack (>= 3.0)
      activesupport (>= 3.0)
      railties (>= 3.0)
      rspec-core (~> 2.13.0)
      rspec-expectations (~> 2.13.0)
      rspec-mocks (~> 2.13.0)
    ruby-prof (0.13.0)
    rufus-scheduler (2.0.18)
      tzinfo (>= 0.3.23)
    sanitize (2.0.3)
      nokogiri (>= 1.4.4, < 1.6)
    sass (3.2.7)
    sass-rails (3.2.6)
      railties (~> 3.2.0)
      sass (>= 3.1.10)
      tilt (~> 1.3)
    settingslogic (2.0.9)
    simple_form (2.1.0)
      actionpack (~> 3.0)
      activemodel (~> 3.0)
    simplecov (0.7.1)
      multi_json (~> 1.0)
      simplecov-html (~> 0.7.1)
    simplecov-html (0.7.1)
    sinatra (1.3.6)
      rack (~> 1.4)
      rack-protection (~> 1.3)
      tilt (~> 1.3, >= 1.3.3)
    sitemap_generator (3.4)
      builder
    slop (3.4.4)
    spork (1.0.0rc3)
    spork-rails (3.2.1)
      rails (>= 3.0.0, < 3.3.0)
      spork (>= 1.0rc0)
    sprockets (2.2.2)
      hike (~> 1.2)
      multi_json (~> 1.0)
      rack (~> 1.0)
      tilt (~> 1.1, != 1.3.0)
    state_machine (1.2.0)
    strong_parameters (0.2.0)
      actionpack (~> 3.0)
      activemodel (~> 3.0)
      railties (~> 3.0)
    strongbox (0.7.0)
      activerecord
    sunspot (2.0.0)
      pr_geohash (~> 1.0)
      rsolr (~> 1.0.7)
    sunspot_rails (2.0.0)
      nokogiri
      sunspot (= 2.0.0)
    sunspot_solr (2.0.0)
    sxp (0.1.2)
      json (>= 1.1.1)
    thor (0.18.1)
    tilt (1.3.7)
    timecop (0.6.1)
    timeliness (0.3.7)
    treetop (1.4.12)
      polyglot
      polyglot (>= 0.3.1)
    tzinfo (0.3.37)
    uglifier (2.0.1)
      execjs (>= 0.3.0)
      multi_json (~> 1.0, >= 1.0.2)
    uuidtools (2.1.3)
    validates_timeliness (3.0.14)
      timeliness (~> 0.3.6)
    vcr (2.4.0)
    vegas (0.1.11)
      rack (>= 1.0.0)
    warden (1.2.1)
      rack (>= 1.0)
    whenever (0.8.2)
      activesupport (>= 2.3.4)
      chronic (>= 0.6.3)
    xml-simple (1.1.2)
    zipruby (0.3.6)

PLATFORMS
  ruby

DEPENDENCIES
  RedCloth (>= 4.2.9)
  activerecord-jdbcpostgresql-adapter
  addressable
  annotate (~> 2.5)
  astrails-safe
  awesome_nested_set (~> 2.1)
  aws-sdk (~> 1.8)
  client_side_validations (~> 3.2)
  coffee-rails (~> 3.2.1)
  dalli (~> 2.6)
  devise-encryptable
  dynamic_form
  enju_core!
  enju_event!
  enju_manifestation_viewer!
  enju_message!
  enju_news!
  enju_nii!
  enju_oai!
  enju_subject!
  exception_notification (~> 3.0)
  factory_girl_rails (~> 4.2)
  fakeweb
  geocoder
  guard-rspec
  inherited_resources (~> 1.3)
  jquery-rails
  jruby-openssl
  kgio
  levenshtein19
  library_stdnums
  linkeddata
  lisbn
  marc
  nokogiri
  oink (>= 0.10)
  paper_trail (~> 2.7)
  paperclip (~> 3.4)
  paperclip-meta
  parallel_tests (~> 0.10)
  pg
  progress_bar
  rack-protection
  rails (= 3.2.13)
  rails_autolink
  resque-scheduler
  resque_mailer
  ri_cal
  rspec-rails (~> 2.13)
  ruby-prof
  rubyzip
  sanitize
  sass-rails (~> 3.2.3)
  simple_form (~> 2.0)
  simplecov (~> 0.7)
  sitemap_generator (~> 3.4)
  spork-rails
  state_machine (~> 1.2)
  strong_parameters
  strongbox
  sunspot-rails-tester!
  sunspot_solr (~> 2.0.0)
  timecop
  trinidad
  uglifier (>= 1.0.3)
  validates_timeliness
  vcr (~> 2.4)
  whenever
  zipruby
